PATH
  remote: .
  specs:
    pry-full (1.1.0)
      pry-awesome_print
      pry-developer_tools
      pry-editline
      pry-git
      pry-highlight
      pry-pretty-numeric
      pry-syntax-hacks
      pry-theme

GEM
  remote: http://rubygems.org/
  specs:
    awesome_print (1.1.0)
    coderay (1.0.8)
    diff-lcs (1.1.3)
    diffy (2.1.3)
    grit (2.5.0)
      diff-lcs (~> 1.1)
      mime-types (~> 1.15)
      posix-spawn (~> 0.3.6)
    json (1.7.6)
    method_source (0.8.1)
    mime-types (1.19)
    nokogiri (1.5.6)
    posix-spawn (0.3.6)
    pry (0.9.11)
      coderay (~> 1.0.5)
      method_source (~> 0.8)
      slop (~> 3.3.1)
    pry-awesome_print (9.6.5)
      awesome_print (~> 1.1.0)
    pry-developer_tools (0.1.1)
      pry (>= 0.9.8.pre, < 0.11)
    pry-editline (1.1.1)
    pry-git (0.2.3)
      diffy
      grit
      pry (>= 0.9.8)
    pry-highlight (0.0.1)
      coderay
      json
      nokogiri
      pry
    pry-pretty-numeric (0.1.1)
      pry
    pry-syntax-hacks (0.0.6)
      pry (>= 0.9.8)
    pry-theme (0.1.3)
      json
    slop (3.3.3)

PLATFORMS
  ruby

DEPENDENCIES
  pry-full!
